GEM
  remote: http://rubygems.org/
  specs:
    ZenTest (4.5.0)
    abstract (1.0.0)
    actionmailer (3.0.4)
      actionpack (= 3.0.4)
      mail (~> 2.2.15)
    actionpack (3.0.4)
      activemodel (= 3.0.4)
      activesupport (= 3.0.4)
      builder (~> 2.1.2)
      erubis (~> 2.6.6)
      i18n (~> 0.4)
      rack (~> 1.2.1)
      rack-mount (~> 0.6.13)
      rack-test (~> 0.5.7)
      tzinfo (~> 0.3.23)
    activemodel (3.0.4)
      activesupport (= 3.0.4)
      builder (~> 2.1.2)
      i18n (~> 0.4)
    activerecord (3.0.4)
      activemodel (= 3.0.4)
      activesupport (= 3.0.4)
      arel (~> 2.0.2)
      tzinfo (~> 0.3.23)
    activeresource (3.0.4)
      activemodel (= 3.0.4)
      activesupport (= 3.0.4)
    activesupport (3.0.4)
    alias (0.2.2)
    annotate (2.4.0)
    arel (2.0.8)
    autotest (4.4.6)
      ZenTest (>= 4.4.1)
    awesome_print (0.3.2)
    boson (0.3.3)
      alias (>= 0.2.2)
      hirb (>= 0.3.5)
    builder (2.1.2)
    clipboard (0.9.7)
    coderay (0.9.7)
    diff-lcs (1.1.2)
    erubis (2.6.6)
      abstract (>= 1.0.0)
    fakefs (0.3.1)
    fancy_irb (0.6.4)
      unicode-display_width
      wirb
    ffi (1.0.5)
      rake (>= 0.8.7)
    g (1.4.0)
      ruby-growl (>= 1.0.1)
    grit (2.4.1)
      diff-lcs (~> 1.1)
      mime-types (~> 1.15)
    guessmethod (0.2.1)
      rake (>= 0.7)
    hirb (0.3.6)
    i18n (0.5.0)
    interactive_editor (0.0.6)
      spoon (>= 0.0.1)
    irbtools (0.8.5)
      awesome_print (~> 0.3)
      boson (~> 0.3)
      clipboard (>= 0.9.5)
      coderay (~> 0.9)
      fancy_irb (>= 0.6.4)
      g
      guessmethod
      hirb (~> 0.3)
      interactive_editor (>= 0.0.6)
      sketches
      wirb (>= 0.2.2)
      zucker (>= 9)
    levenshtein-ffi (1.0.1)
      ffi
    mail (2.2.15)
      activesupport (>= 2.3.6)
      i18n (>= 0.4.0)
      mime-types (~> 1.16)
      treetop (~> 1.4.8)
    mime-types (1.16)
    minitest (2.0.2)
    polyglot (0.3.1)
    rack (1.2.1)
    rack-mount (0.6.13)
      rack (>= 1.0.0)
    rack-test (0.5.7)
      rack (>= 1.0)
    rails (3.0.4)
      actionmailer (= 3.0.4)
      actionpack (= 3.0.4)
      activerecord (= 3.0.4)
      activeresource (= 3.0.4)
      activesupport (= 3.0.4)
      bundler (~> 1.0)
      railties (= 3.0.4)
    railties (3.0.4)
      actionpack (= 3.0.4)
      activesupport (= 3.0.4)
      rake (>= 0.8.7)
      thor (~> 0.14.4)
    rake (0.8.7)
    rspec (2.5.0)
      rspec-core (~> 2.5.0)
      rspec-expectations (~> 2.5.0)
      rspec-mocks (~> 2.5.0)
    rspec-core (2.5.1)
    rspec-expectations (2.5.0)
      diff-lcs (~> 1.1.2)
    rspec-mocks (2.5.0)
    rspec-rails (2.5.0)
      actionpack (~> 3.0)
      activesupport (~> 3.0)
      railties (~> 3.0)
      rspec (~> 2.5.0)
    ruby-growl (3.0)
    ruby2ruby (1.2.5)
      ruby_parser (~> 2.0)
      sexp_processor (~> 3.0)
    ruby_parser (2.0.6)
      sexp_processor (~> 3.0)
    sexp_processor (3.0.5)
    sketches (0.1.1)
    spoon (0.0.1)
    sqlite3 (1.3.3)
    sqlite3-ruby (1.3.3)
      sqlite3 (>= 1.3.3)
    thor (0.14.6)
    treetop (1.4.9)
      polyglot (>= 0.3.1)
    tzinfo (0.3.24)
    unicode-display_width (0.1.1)
    wirb (0.2.4)
    zucker (9)

PLATFORMS
  ruby

DEPENDENCIES
  annotate
  autotest
  fakefs
  grit (~> 2.4.1)
  irbtools
  levenshtein-ffi
  minitest (~> 2.0.2)
  rails (~> 3.0.4)
  rspec-rails (~> 2.5.0)
  ruby2ruby (~> 1.2.5)
  ruby_parser (~> 2.0.5)
  sqlite3-ruby
